PATH
  remote: .
  specs:
    idecon (0.1.2)
      chunky_png

GEM
  remote: https://rubygems.org/
  specs:
    chunky_png (1.3.11)
    diff-lcs (1.3)
    rake (13.0.1)
    rspec (3.9.0)
      rspec-core (~> 3.9.0)
      rspec-expectations (~> 3.9.0)
      rspec-mocks (~> 3.9.0)
    rspec-core (3.9.1)
      rspec-support (~> 3.9.1)
    rspec-expectations (3.9.0)
      diff-lcs (>= 1.2.0, < 2.0)
      rspec-support (~> 3.9.0)
    rspec-mocks (3.9.1)
      diff-lcs (>= 1.2.0, < 2.0)
      rspec-support (~> 3.9.0)
    rspec-support (3.9.2)

PLATFORMS
  ruby

DEPENDENCIES
  bundler (~> 2.0)
  idecon!
  rake (>= 12.3.3)
  rspec (~> 3.0)

BUNDLED WITH
   2.0.2
